GEM
  remote: https://rubygems.org/
  specs:
    actionmailer (4.2.11.1)
      actionpack (= 4.2.11.1)
      actionview (= 4.2.11.1)
      activejob (= 4.2.11.1)
      mail (~> 2.5, >= 2.5.4)
      rails-dom-testing (~> 1.0, >= 1.0.5)
    actionpack (4.2.11.1)
      actionview (= 4.2.11.1)
      activesupport (= 4.2.11.1)
      rack (~> 1.6)
      rack-test (~> 0.6.2)
      rails-dom-testing (~> 1.0, >= 1.0.5)
      rails-html-sanitizer (~> 1.0, >= 1.0.2)
    actionview (4.2.11.1)
      activesupport (= 4.2.11.1)
      builder (~> 3.1)
      erubis (~> 2.7.0)
      rails-dom-testing (~> 1.0, >= 1.0.5)
      rails-html-sanitizer (~> 1.0, >= 1.0.3)
    activejob (4.2.11.1)
      activesupport (= 4.2.11.1)
      globalid (>= 0.3.0)
    activemodel (4.2.11.1)
      activesupport (= 4.2.11.1)
      builder (~> 3.1)
    activerecord (4.2.11.1)
      activemodel (= 4.2.11.1)
      activesupport (= 4.2.11.1)
      arel (~> 6.0)
    activerecord-sqlserver-adapter (4.2.18)
      activerecord (~> 4.2.1)
    activesupport (4.2.11.1)
      i18n (~> 0.7)
      minitest (~> 5.1)
      thread_safe (~> 0.3, >= 0.3.4)
      tzinfo (~> 1.1)
    acts-as-taggable-on (5.0.0)
      activerecord (>= 4.2.8)
    acts_as_commentable_with_threading (2.0.1)
      activerecord (>= 4.0)
      activesupport (>= 4.0)
      awesome_nested_set (>= 3.0)
    amatch (0.4.0)
      mize
      tins (~> 1.0)
    arel (6.0.4)
    authlogic (3.4.4)
      activerecord (>= 3.2)
      activesupport (>= 3.2)
      request_store (~> 1.0)
      scrypt (~> 1.2)
    autonumeric-rails (2.0.0.1)
      jquery-rails (>= 2.0.2)
    autoprefixer-rails (9.5.1.1)
      execjs
    awesome_nested_set (3.1.4)
      activerecord (>= 4.0.0, < 5.3)
    bcrypt (3.1.12)
    bootstrap-sass (3.3.3)
      autoprefixer-rails (>= 5.0.0.1)
      sass (>= 3.2.19)
    bootstrap-wysihtml5-rails (0.3.3.8)
      railties (>= 3.0)
    bootstrap3-datetimepicker-rails (4.14.30)
      momentjs-rails (>= 2.8.1)
    builder (3.2.3)
    casein (5.1.1.5)
      authlogic (= 3.4.4)
      bootstrap-sass (= 3.3.3)
      jquery-rails
      sass-rails
      scrypt (= 1.2.1)
      will_paginate (= 3.0.7)
    chronic (0.10.2)
    cocoon (1.2.12)
    concurrent-ruby (1.1.5)
    crass (1.0.4)
    elasticsearch (7.0.0)
      elasticsearch-api (= 7.0.0)
      elasticsearch-transport (= 7.0.0)
    elasticsearch-api (7.0.0)
      multi_json
    elasticsearch-model (6.0.0)
      activesupport (> 3)
      elasticsearch (> 1)
      hashie
    elasticsearch-rails (6.0.0)
    elasticsearch-transport (7.0.0)
      faraday
      multi_json
    erubis (2.7.0)
    execjs (2.7.0)
    faraday (0.15.4)
      multipart-post (>= 1.2, < 3)
    ffi (1.10.0)
    ffi-compiler (1.0.1)
      ffi (>= 1.0.0)
      rake
    figaro (1.1.1)
      thor (~> 0.14)
    font-awesome-sass (4.7.0)
      sass (>= 3.2)
    friendly_id (5.2.5)
      activerecord (>= 4.0.0)
    globalid (0.4.2)
      activesupport (>= 4.2.0)
    hashie (3.6.0)
    i18n (0.9.5)
      concurrent-ruby (~> 1.0)
    jquery-rails (4.3.3)
      rails-dom-testing (>= 1, < 3)
      railties (>= 4.2.0)
      thor (>= 0.14, < 2.0)
    json (2.2.0)
    jwt (2.1.0)
    kgio (2.11.2)
    loofah (2.2.3)
      crass (~> 1.0.2)
      nokogiri (>= 1.5.9)
    mail (2.7.1)
      mini_mime (>= 0.1.1)
    mime-types (1.25.1)
    mini_mime (1.0.1)
    mini_portile2 (2.4.0)
    minitest (5.11.3)
    mize (0.3.5)
      protocol
    momentjs-rails (2.20.1)
      railties (>= 3.1)
    monetize (1.9.1)
      money (~> 6.12)
    money (6.13.3)
      i18n (>= 0.6.4, <= 2)
    money-rails (1.13.2)
      activesupport (>= 3.0)
      monetize (~> 1.9.0)
      money (~> 6.13.2)
      railties (>= 3.0)
    multi_json (1.13.1)
    multi_xml (0.6.0)
    multipart-post (2.1.1)
    nestive (0.6.0)
      rails (>= 3.0.0)
    nokogiri (1.10.3)
      mini_portile2 (~> 2.4.0)
    oauth (0.5.4)
    oauth2 (1.4.1)
      faraday (>= 0.8, < 0.16.0)
      jwt (>= 1.0, < 3.0)
      multi_json (~> 1.3)
      multi_xml (~> 0.5)
      rack (>= 1.2, < 3)
    pg (0.20.0)
    protocol (1.0.1)
      ruby_parser (~> 3.0)
    rack (1.6.11)
    rack-protection (1.5.5)
      rack
    rack-test (0.6.3)
      rack (>= 1.0)
    rails (4.2.11.1)
      actionmailer (= 4.2.11.1)
      actionpack (= 4.2.11.1)
      actionview (= 4.2.11.1)
      activejob (= 4.2.11.1)
      activemodel (= 4.2.11.1)
      activerecord (= 4.2.11.1)
      activesupport (= 4.2.11.1)
      bundler (>= 1.3.0, < 2.0)
      railties (= 4.2.11.1)
      sprockets-rails
    rails-deprecated_sanitizer (1.0.3)
      activesupport (>= 4.2.0.alpha)
    rails-dom-testing (1.0.9)
      activesupport (>= 4.2.0, < 5.0)
      nokogiri (~> 1.6)
      rails-deprecated_sanitizer (>= 1.0.1)
    rails-html-sanitizer (1.0.4)
      loofah (~> 2.2, >= 2.2.2)
    railties (4.2.11.1)
      actionpack (= 4.2.11.1)
      activesupport (= 4.2.11.1)
      rake (>= 0.8.7)
      thor (>= 0.18.1, < 2.0)
    raindrops (0.19.0)
    rake (12.3.2)
    rb-fsevent (0.10.3)
    rb-inotify (0.10.0)
      ffi (~> 1.0)
    request_store (1.4.1)
      rack (>= 1.4)
    rest-client (1.6.9)
      mime-types (~> 1.16)
    ruby_parser (3.13.1)
      sexp_processor (~> 4.9)
    sass (3.7.4)
      sass-listen (~> 4.0.0)
    sass-listen (4.0.0)
      rb-fsevent (~> 0.9, >= 0.9.4)
      rb-inotify (~> 0.9, >= 0.9.7)
    sass-rails (5.0.7)
      railties (>= 4.0.0, < 6)
      sass (~> 3.1)
      sprockets (>= 2.8, < 4.0)
      sprockets-rails (>= 2.0, < 4.0)
      tilt (>= 1.1, < 3)
    scrypt (1.2.1)
      ffi-compiler (>= 0.0.2)
      rake
    sendgrid (1.2.4)
      json
    sequel (3.20.0)
    sexp_processor (4.12.0)
    sinatra (1.4.8)
      rack (~> 1.5)
      rack-protection (~> 1.4)
      tilt (>= 1.3, < 3)
    sorcery (0.13.0)
      bcrypt (~> 3.1)
      oauth (~> 0.4, >= 0.4.4)
      oauth2 (~> 1.0, >= 0.8.0)
    sprockets (3.7.2)
      concurrent-ruby (~> 1.0)
      rack (> 1, < 3)
    sprockets-rails (3.2.1)
      actionpack (>= 4.0)
      activesupport (>= 4.0)
      sprockets (>= 3.0.0)
    sqlite3 (1.3.13)
    tapsicle (0.4.1)
      rack (>= 1.0.1)
      rest-client (>= 1.4.0, < 1.7.0)
      sequel (~> 3.20.0)
      sinatra (~> 1.4.4)
      sqlite3 (~> 1.3.8)
    thor (0.20.3)
    thread_safe (0.3.6)
    tilt (2.0.9)
    tins (1.20.2)
    tiny_tds (2.1.2)
    tzinfo (1.2.10)
      thread_safe (~> 0.1)
    uglifier (4.1.20)
      execjs (>= 0.3.0, < 3)
    unicorn (5.5.1)
      kgio (~> 2.6)
      raindrops (~> 0.7)
    whenever (0.11.0)
      chronic (>= 0.6.3)
    will_paginate (3.0.7)
    will_paginate-bootstrap (1.0.2)
      will_paginate (>= 3.0.3)

PLATFORMS
  ruby

DEPENDENCIES
  activerecord-sqlserver-adapter
  acts-as-taggable-on
  acts_as_commentable_with_threading
  amatch
  autonumeric-rails
  bootstrap-sass
  bootstrap-wysihtml5-rails
  bootstrap3-datetimepicker-rails (~> 4.14.30)
  casein (~> 5.1.1)
  cocoon
  elasticsearch-model
  elasticsearch-rails
  figaro
  font-awesome-sass (~> 4.7.0)
  friendly_id
  jquery-rails
  momentjs-rails (>= 2.9.0)
  money-rails
  nestive
  pg (~> 0.20.0)
  rails (~> 4.2.11)
  sass-rails
  sendgrid
  sorcery
  sqlite3
  tapsicle
  tiny_tds
  uglifier
  unicorn
  whenever
  will_paginate
  will_paginate-bootstrap

BUNDLED WITH
   1.16.6
